GEM
  remote: https://rubygems.org/
  specs:
    ffi (1.15.5)
    json (2.6.3)
    minitest (5.18.0)
    rbnacl (7.1.1)
      ffi

PLATFORMS
  x86_64-darwin-21

DEPENDENCIES
  json
  minitest
  rbnacl

BUNDLED WITH
   2.3.22
